GEM
  remote: http://rubygems.org/
  specs:
    chunky_png (1.2.5)
    compass (0.11.5)
      chunky_png (~> 1.2)
      fssm (>= 0.2.7)
      sass (~> 3.1)
    fssm (0.2.7)
    haml (3.1.3)
    rake (0.9.2)
    sass (3.1.7)

PLATFORMS
  ruby

DEPENDENCIES
  compass
  haml
  rake
